GIT
  remote: https://github.com/maxmeyer/factory_girl.git
  revision: 1a60944c755f7704f54cd14b88c6eb11d5472a45
  branch: feature/make_factories_available_in_array
  specs:
    factory_girl (3.4.2)
      activesupport (>= 3.0.0)

GIT
  remote: https://github.com/wbailey/command_line_reporter.git
  revision: e38c95b84f5be3b9b8cf9ec799251851b1b4daaa
  specs:
    command_line_reporter (3.2.1)
      colored (>= 1.2)

PATH
  remote: .
  specs:
    tables (0.1.0)

GEM
  remote: http://rubygems.org/
  specs:
    activesupport (3.2.6)
      i18n (~> 0.6)
      multi_json (~> 1.0)
    aruba (0.4.11)
      childprocess (>= 0.2.3)
      cucumber (>= 1.1.1)
      ffi (>= 1.0.11)
      rspec (>= 2.7.0)
    builder (3.0.0)
    childprocess (0.3.2)
      ffi (~> 1.0.6)
    coderay (1.0.6)
    colored (1.2)
    cucumber (1.2.1)
      builder (>= 2.1.2)
      diff-lcs (>= 1.1.3)
      gherkin (~> 2.11.0)
      json (>= 1.4.6)
    diff-lcs (1.1.3)
    ffi (1.0.11)
    fuubar (1.0.0)
      rspec (~> 2.0)
      rspec-instafail (~> 0.2.0)
      ruby-progressbar (~> 0.0.10)
    gherkin (2.11.0)
      json (>= 1.4.6)
    github-markup (0.7.2)
    i18n (0.6.0)
    json (1.7.3)
    libnotify (0.7.4)
      ffi (~> 1.0.11)
    method_source (0.7.1)
    multi_json (1.3.6)
    pry (0.9.9.6)
      coderay (~> 1.0.5)
      method_source (~> 0.7.1)
      slop (>= 2.4.4, < 3)
    rake (0.9.2.2)
    rb-inotify (0.8.8)
      ffi (>= 0.5.0)
    rb-readline (0.4.2)
    redcarpet (2.1.1)
    rspec (2.10.0)
      rspec-core (~> 2.10.0)
      rspec-expectations (~> 2.10.0)
      rspec-mocks (~> 2.10.0)
    rspec-core (2.10.1)
    rspec-expectations (2.10.0)
      diff-lcs (~> 1.1.3)
    rspec-instafail (0.2.4)
    rspec-mocks (2.10.1)
    ruby-progressbar (0.0.10)
    slop (2.4.4)
    yard (0.8.2.1)

PLATFORMS
  ruby

DEPENDENCIES
  aruba
  bundler (~> 1.0)
  command_line_reporter!
  cucumber
  factory_girl!
  fuubar
  github-markup
  libnotify
  pry
  rake
  rb-inotify
  rb-readline
  redcarpet
  rspec
  tables!
  yard
